GIT
  remote: http://github.com/sanger/lims-core.git
  revision: cc390b92a75e6d9f13eb05ca3941ca8cbf925d6c
  branch: development
  specs:
    lims-core (2.1.0.1.0)
      active_support
      aequitas
      bunny (= 0.9.0.pre10)
      dm-validations
      facets (= 2.9.3)
      sequel
      state_machine
      uuid
      virtus (= 0.2.0)

GIT
  remote: http://github.com/sanger/lims-laboratory-app.git
  revision: 77229b0865f59963836e0acdb38ee4796203a1a7
  branch: development
  specs:
    lims-laboratory-app (1.2.0)

GIT
  remote: http://github.com/sanger/psd_logger.git
  revision: dd2d634114df75b1d8535715c169a7fc99521389
  specs:
    psd_logger (0.1.6)

GIT
  remote: https://github.com/sanger/lims-busclient.git
  revision: 65cc1e906aefae4bb727a8d2e45ebbf8b722e01a
  branch: master
  specs:
    lims-busclient (0.1.0)
      aequitas
      amqp
      facets
      virtus

GIT
  remote: https://github.com/sanger/lims-management-app.git
  revision: 057514091deb00a69a8ec8e2cfe192f6af23b6ce
  branch: development
  specs:
    lims-management-app (1.2.1)
      bunny (= 0.9.0.pre10)
      json

PATH
  remote: .
  specs:
    lims-bridge-app (0.3.0)
      aequitas
      amqp
      facets
      mysql
      sequel
      virtus

GEM
  remote: http://www.rubygems.org/
  specs:
    active_support (3.0.0)
      activesupport (= 3.0.0)
    activesupport (3.0.0)
    addressable (2.2.8)
    aequitas (0.0.2)
    amq-client (1.0.2)
      amq-protocol (>= 1.2.0)
      eventmachine
    amq-protocol (1.6.0)
    amqp (1.0.2)
      amq-client (~> 1.0.2)
      amq-protocol (>= 1.3.0)
      eventmachine
    bond (0.4.3)
    bunny (0.9.0.pre10)
      amq-protocol (>= 1.4.0)
    columnize (0.3.6)
    debugger (1.5.0)
      columnize (>= 0.3.1)
      debugger-linecache (~> 1.2.0)
      debugger-ruby_core_source (~> 1.2.0)
    debugger-completion (1.0.0)
      bond (>= 0.4.2)
      debugger (~> 1.1)
    debugger-linecache (1.2.0)
    debugger-ruby_core_source (1.2.0)
    diff-lcs (1.1.3)
    dm-core (1.2.0)
      addressable (~> 2.2.6)
    dm-validations (1.2.0)
      dm-core (~> 1.2.0)
    eventmachine (1.0.3)
    facets (2.9.3)
    json (1.8.0)
    macaddr (1.6.1)
      systemu (~> 2.5.0)
    mysql (2.9.1)
    rack (1.5.2)
    rake (10.0.4)
    rspec (2.8.0)
      rspec-core (~> 2.8.0)
      rspec-expectations (~> 2.8.0)
      rspec-mocks (~> 2.8.0)
    rspec-core (2.8.0)
    rspec-expectations (2.8.0)
      diff-lcs (~> 1.1.2)
    rspec-mocks (2.8.0)
    sequel (3.47.0)
    shotgun (0.9)
      rack (>= 1.0)
    sqlite3 (1.3.7)
    state_machine (1.2.0)
    systemu (2.5.2)
    uuid (2.3.7)
      macaddr (~> 1.0)
    virtus (0.2.0)
    yard (0.8.6.1)
    yard-rspec (0.1)
      yard

PLATFORMS
  ruby

DEPENDENCIES
  debugger
  debugger-completion
  lims-bridge-app!
  lims-busclient (~> 0.1.0)!
  lims-core (~> 2.1)!
  lims-laboratory-app (~> 1.2)!
  lims-management-app (~> 1.2)!
  psd_logger!
  rake
  rspec (~> 2.8.0)
  shotgun
  sqlite3
  yard (>= 0.7.0)
  yard-rspec (= 0.1)
